GEM
  remote: https://rubygems.org/
  specs:
    coderay (1.1.0)
    ffi (1.9.10)
    method_source (0.8.2)
    pry (0.10.1)
      coderay (~> 1.1.0)
      method_source (~> 0.8.1)
      slop (~> 3.4)
    rake (10.4.2)
    redsnow (0.4.3)
      bundler (>= 1.7.0)
      ffi (~> 1.9.3)
      rake (>= 10.3.2)
      yard (~> 0.8.7.4)
    ruby-progressbar (1.6.0)
    slop (3.6.0)
    yard (0.8.7.6)

PLATFORMS
  ruby

DEPENDENCIES
  pry
  rake
  redsnow
  ruby-progressbar

BUNDLED WITH
   1.10.4
